GEM
  remote: https://rubygems.org/
  specs:
    ethon (0.10.1)
      ffi (>= 1.3.0)
    ffi (1.9.18)
    json (1.8.6)
    purecloudplatformclientv2 (3.0.0)
      json (~> 1.4, >= 1.4.6)
      typhoeus (~> 0.2, >= 0.2.1)
    typhoeus (0.8.0)
      ethon (>= 0.8.0)

PLATFORMS
  ruby

DEPENDENCIES
  purecloudplatformclientv2 (= 3.0.0)

BUNDLED WITH
   1.14.6
