GEM
  remote: https://rubygems.org/
  specs:
    ethon (0.9.1)
      ffi (>= 1.3.0)
    ffi (1.9.14)
    json (1.8.3)
    purecloud (0.50.1)
      json (~> 1.4, >= 1.4.6)
      typhoeus (~> 0.2, >= 0.2.1)
    typhoeus (0.8.0)
      ethon (>= 0.8.0)

PLATFORMS
  ruby

DEPENDENCIES
  purecloud (= 0.50.1)

BUNDLED WITH
   1.11.2
